GEM
  remote: https://rubygems.org/
  specs:
    coderay (1.1.3)
    method_source (1.0.0)
    nio4r (2.5.9)
    pry (0.14.2)
      coderay (~> 1.1)
      method_source (~> 1.0)
    puma (6.3.0)
      nio4r (~> 2.0)

PLATFORMS
  x86_64-darwin-22

DEPENDENCIES
  pry
  puma

BUNDLED WITH
   2.4.13
